GIT
  remote: git@github.com:eci-rhc/lv-lotvue-core.git
  revision: 67ed3027cdd965ba32bb44ca3366cd853bd16e6d
  branch: master
  specs:
    lotvue_core (1.0.0)
      activerecord-import (~> 1.0.2)
      ahoy_matey (~> 3.2.0)
      airbrussh (~> 1.4.0)
      angular-rails-templates (~> 1.1.0)
      angularjs-rails (= 1.6.8)
      ar-octopus (~> 0.10.2)
      arel (~> 9.0.0)
      awesome_print (~> 1.9.2)
      aws-eventstream (~> 1.1.1)
      aws-partitions (~> 1.480.0)
      aws-sdk-core (~> 3.118.0)
      aws-sdk-kms (~> 1.45.0)
      aws-sdk-s3 (~> 1.97.0)
      aws-sigv4 (~> 1.2.4)
      axlsx (~> 2.0.1)
      axlsx_rails (~> 0.5.2)
      bcrypt (~> 3.1.16)
      bindex (~> 0.8.1)
      builder (~> 3.2.4)
      chartkick (~> 3.4.2)
      chronic (~> 0.10.2)
      ckeditor (~> 5.1.0)
      climate_control (~> 0.2.0)
      cocaine (~> 0.5.8)
      coderay (~> 1.1.3)
      coffee-rails (~> 5.0.0)
      coffee-script (~> 2.4.1)
      coffee-script-source (~> 1.12.2)
      color-generator (~> 0.0.4)
      commonjs (~> 0.2.7)
      composite_primary_keys (~> 11.2.0)
      concurrent-ruby (~> 1.1.9)
      connection_pool (~> 2.2.5)
      crass (~> 1.0.6)
      daemons (~> 1.4.0)
      delayed_job (~> 4.1.9)
      delayed_job_active_record (~> 4.1.6)
      device_detector (~> 1.0.5)
      devise (~> 4.8.0)
      dropbox-sdk (~> 1.6.5)
      errbase (~> 0.2.1)
      erubi (~> 1.10.0)
      exception_notification (~> 4.4.3)
      execjs (~> 2.8.1)
      fast_jsonapi (~> 1.5)
      ffi (~> 1.15.3)
      geocoder (~> 1.6.7)
      geokit (~> 1.13.1)
      geokit-rails (~> 2.3.2)
      globalid (~> 0.4.2)
      google-v3-geocoder (~> 1.0.0)
      groupdate (~> 5.2.2)
      haml (~> 5.2.2)
      htmlentities (~> 4.3.4)
      httparty (~> 0.18.1)
      i18n (~> 1.8.10)
      java-properties (~> 0.3.0)
      jmespath (~> 1.4.0)
      jquery-infinite-pages (~> 0.2.0)
      jquery-rails (~> 4.4.0)
      json (~> 2.5.1)
      kaminari (~> 1.1.1)
      kaminari-actionview (~> 1.1.1)
      kaminari-activerecord (~> 1.1.1)
      kaminari-core (~> 1.1.1)
      less (~> 2.6.0)
      less-rails (~> 2.8.0)
      libv8 (~> 3.16.14.19)
      listen (~> 3.1.5)
      loofah (~> 2.10.0)
      macaddr (~> 1.7.2)
      mail (~> 2.7.1)
      method_source (~> 1.0.0)
      mime-types (~> 3.3.1)
      mime-types-data (~> 3.2021.0704)
      mimemagic (~> 0.3.10)
      mini_magick (~> 4.11.0)
      mini_mime (~> 1.1.0)
      mini_portile2 (~> 2.4.0)
      minitest (~> 5.14.4)
      multi_xml (~> 0.6.0)
      mysql2 (~> 0.5.3)
      nested_form (~> 0.3.2)
      net-scp (~> 3.0.0)
      net-ssh (~> 6.1.0)
      nio4r (~> 2.5.7)
      nokogiri (~> 1.10.10)
      orm_adapter (~> 0.5.0)
      pagy (~> 3.14.0)
      pry (~> 0.14.1)
      rack (~> 2.2.3)
      rack-cache (~> 1.12.1)
      rack-cors (~> 1.1.1)
      rack-protection (~> 2.1.0)
      rack-test (~> 1.1.0)
      rails (~> 5.2.1)
      rails-dom-testing (~> 2.0.3)
      rails-html-sanitizer (~> 1.3.0)
      rails_sortable (~> 1.4.1)
      railties (~> 5.2.1)
      rake (~> 13.0.6)
      rb-fsevent (~> 0.11.0)
      rb-inotify (~> 0.10.1)
      redis (~> 4.1.4)
      redis-actionpack (~> 5.2.0)
      redis-activesupport (~> 5.2.1)
      redis-namespace (~> 1.8.1)
      redis-rack (~> 2.1.3)
      redis-rack-cache (~> 2.2.1)
      redis-rails (~> 5.0.2)
      redis-store (~> 1.9.0)
      ref (~> 2.0.0)
      responders (~> 3.0.1)
      ruby-growl (~> 4.1)
      ruby-ole (~> 1.2.12.2)
      ruby_dep (~> 1.5.0)
      rubyzip (~> 1.0.0)
      safely_block (~> 0.3.0)
      sass-rails (~> 6.0.0)
      sassc (~> 2.4.0)
      sassc-rails (~> 2.1.2)
      sidekiq (~> 5.2.9)
      spreadsheet (~> 1.2.9)
      sprockets (~> 3.7.2)
      sprockets-rails (~> 3.2.2)
      sshkit (~> 1.21.2)
      sucker_punch (~> 3.0.1)
      systemu (~> 2.6.5)
      temple (~> 0.8.2)
      therubyracer (~> 0.12.3)
      thor (~> 1.1.0)
      thread_safe (~> 0.3.6)
      tilt (~> 2.0.10)
      twitter-bootstrap-rails (~> 4.0.0)
      tzinfo (~> 1.2.9)
      uglifier (~> 4.2.0)
      uuid (~> 2.3.9)
      warden (~> 1.2.9)
      websocket-driver (~> 0.7.5)
      websocket-extensions (~> 0.1.5)
      whenever (~> 1.0.0)
      wice_grid (~> 4.1.0)
      wicked_pdf (~> 1.4.0)
      wkhtmltopdf-binary-edge (~> 0.12.5.0)

GEM
  remote: https://rubygems.org/
  specs:
    actioncable (5.2.8.1)
      actionpack (= 5.2.8.1)
      nio4r (~> 2.0)
      websocket-driver (>= 0.6.1)
    actionmailer (5.2.8.1)
      actionpack (= 5.2.8.1)
      actionview (= 5.2.8.1)
      activejob (= 5.2.8.1)
      mail (~> 2.5, >= 2.5.4)
      rails-dom-testing (~> 2.0)
    actionpack (5.2.8.1)
      actionview (= 5.2.8.1)
      activesupport (= 5.2.8.1)
      rack (~> 2.0, >= 2.0.8)
      rack-test (>= 0.6.3)
      rails-dom-testing (~> 2.0)
      rails-html-sanitizer (~> 1.0, >= 1.0.2)
    actionview (5.2.8.1)
      activesupport (= 5.2.8.1)
      builder (~> 3.1)
      erubi (~> 1.4)
      rails-dom-testing (~> 2.0)
      rails-html-sanitizer (~> 1.0, >= 1.0.3)
    active_record_query_trace (1.8)
    activejob (5.2.8.1)
      activesupport (= 5.2.8.1)
      globalid (>= 0.3.6)
    activemodel (5.2.8.1)
      activesupport (= 5.2.8.1)
    activerecord (5.2.8.1)
      activemodel (= 5.2.8.1)
      activesupport (= 5.2.8.1)
      arel (>= 9.0)
    activerecord-import (1.0.8)
      activerecord (>= 3.2)
    activestorage (5.2.8.1)
      actionpack (= 5.2.8.1)
      activerecord (= 5.2.8.1)
      marcel (~> 1.0.0)
    activesupport (5.2.8.1)
      concurrent-ruby (~> 1.0, >= 1.0.2)
      i18n (>= 0.7, < 2)
      minitest (~> 5.1)
      tzinfo (~> 1.1)
    ahoy_matey (3.2.0)
      activesupport (>= 5)
      device_detector
      geocoder (>= 1.4.5)
      safely_block (>= 0.2.1)
    airbrussh (1.4.1)
      sshkit (>= 1.6.1, != 1.7.0)
    angular-rails-templates (1.1.0)
      railties (>= 4.2, < 7)
      sprockets (>= 3.0, < 5)
      tilt
    angularjs-rails (1.6.8)
    ar-octopus (0.10.2)
      activerecord (>= 4.2.0)
      activesupport (>= 4.2.0)
    arel (9.0.0)
    awesome_print (1.9.2)
    aws-eventstream (1.1.1)
    aws-partitions (1.480.0)
    aws-sdk-core (3.118.0)
      aws-eventstream (~> 1, >= 1.0.2)
      aws-partitions (~> 1, >= 1.239.0)
      aws-sigv4 (~> 1.1)
      jmespath (~> 1.0)
    aws-sdk-kms (1.45.0)
      aws-sdk-core (~> 3, >= 3.118.0)
      aws-sigv4 (~> 1.1)
    aws-sdk-s3 (1.97.0)
      aws-sdk-core (~> 3, >= 3.118.0)
      aws-sdk-kms (~> 1)
      aws-sigv4 (~> 1.1)
    aws-sigv4 (1.2.4)
      aws-eventstream (~> 1, >= 1.0.2)
    axlsx (2.0.1)
      htmlentities (~> 4.3.1)
      nokogiri (>= 1.4.1)
      rubyzip (~> 1.0.0)
    axlsx_rails (0.5.2)
      actionpack (>= 3.1)
      axlsx (>= 2.0.1)
    bcrypt (3.1.18)
    bcrypt_pbkdf (1.1.0)
    bindex (0.8.1)
    builder (3.2.4)
    byebug (11.1.3)
    capistrano (3.11.2)
      airbrussh (>= 1.0.0)
      i18n
      rake (>= 10.0.0)
      sshkit (>= 1.9.0)
    capistrano-bundler (2.1.0)
      capistrano (~> 3.1)
    capistrano-faster-assets (1.1.0)
      capistrano (>= 3.1)
    capistrano-passenger (0.2.1)
      capistrano (~> 3.0)
    capistrano-rails (1.6.2)
      capistrano (~> 3.1)
      capistrano-bundler (>= 1.1, < 3)
    capistrano-rvm (0.1.2)
      capistrano (~> 3.0)
      sshkit (~> 1.2)
    chartkick (3.4.2)
    chronic (0.10.2)
    ckeditor (5.1.1)
      orm_adapter (~> 0.5.0)
    climate_control (0.2.0)
    cocaine (0.5.8)
      climate_control (>= 0.0.3, < 1.0)
    coderay (1.1.3)
    coffee-rails (5.0.0)
      coffee-script (>= 2.2.0)
      railties (>= 5.2.0)
    coffee-script (2.4.1)
      coffee-script-source
      execjs
    coffee-script-source (1.12.2)
    color-generator (0.0.4)
    commonjs (0.2.7)
    composite_primary_keys (11.2.0)
      activerecord (~> 5.2.1)
    concurrent-ruby (1.1.10)
    connection_pool (2.2.5)
    crass (1.0.6)
    daemons (1.4.1)
    delayed_job (4.1.11)
      activesupport (>= 3.0, < 8.0)
    delayed_job_active_record (4.1.7)
      activerecord (>= 3.0, < 8.0)
      delayed_job (>= 3.0, < 5)
    device_detector (1.0.7)
    devise (4.8.1)
      bcrypt (~> 3.0)
      orm_adapter (~> 0.1)
      railties (>= 4.1.0)
      responders
      warden (~> 1.2.3)
    dropbox-sdk (1.6.5)
      json
    ed25519 (1.3.0)
    errbase (0.2.2)
    erubi (1.10.0)
    exception_notification (4.4.3)
      actionmailer (>= 4.0, < 7)
      activesupport (>= 4.0, < 7)
    execjs (2.8.1)
    fast_jsonapi (1.5)
      activesupport (>= 4.2)
    ffi (1.15.5)
    geocoder (1.6.7)
    geokit (1.13.1)
    geokit-rails (2.3.2)
      geokit (~> 1.5)
      rails (>= 3.0)
    globalid (0.4.2)
      activesupport (>= 4.2.0)
    google-v3-geocoder (1.0.0)
      geokit (>= 1.5.0)
      json
    groupdate (5.2.4)
      activesupport (>= 5)
    haml (5.2.2)
      temple (>= 0.8.0)
      tilt
    htmlentities (4.3.4)
    httparty (0.18.1)
      mime-types (~> 3.0)
      multi_xml (>= 0.5.2)
    i18n (1.8.11)
      concurrent-ruby (~> 1.0)
    java-properties (0.3.0)
    jmespath (1.4.0)
    jquery-infinite-pages (0.2.0)
      coffee-script
      jquery-rails
      railties (>= 3.1)
    jquery-rails (4.4.0)
      rails-dom-testing (>= 1, < 3)
      railties (>= 4.2.0)
      thor (>= 0.14, < 2.0)
    json (2.5.1)
    kaminari (1.1.1)
      activesupport (>= 4.1.0)
      kaminari-actionview (= 1.1.1)
      kaminari-activerecord (= 1.1.1)
      kaminari-core (= 1.1.1)
    kaminari-actionview (1.1.1)
      actionview
      kaminari-core (= 1.1.1)
    kaminari-activerecord (1.1.1)
      activerecord
      kaminari-core (= 1.1.1)
    kaminari-core (1.1.1)
    less (2.6.0)
      commonjs (~> 0.2.7)
    less-rails (2.8.0)
      actionpack (>= 4.0)
      less (~> 2.6.0)
      sprockets (> 2, < 4)
      tilt
    libv8 (3.16.14.19-x86_64-linux)
    listen (3.1.5)
      rb-fsevent (~> 0.9, >= 0.9.4)
      rb-inotify (~> 0.9, >= 0.9.7)
      ruby_dep (~> 1.2)
    loofah (2.10.0)
      crass (~> 1.0.2)
      nokogiri (>= 1.5.9)
    macaddr (1.7.2)
      systemu (~> 2.6.5)
    mail (2.7.1)
      mini_mime (>= 0.1.1)
    marcel (1.0.2)
    meta_request (0.7.3)
      rack-contrib (>= 1.1, < 3)
      railties (>= 3.0.0, < 7)
    method_source (1.0.0)
    mime-types (3.3.1)
      mime-types-data (~> 3.2015)
    mime-types-data (3.2021.1115)
    mimemagic (0.3.10)
      nokogiri (~> 1)
      rake
    mini_magick (4.11.0)
    mini_mime (1.1.2)
    mini_portile2 (2.4.0)
    minitest (5.14.4)
    multi_xml (0.6.0)
    mysql2 (0.5.4)
    nested_form (0.3.2)
    net-scp (3.0.0)
      net-ssh (>= 2.6.5, < 7.0.0)
    net-ssh (6.1.0)
    nio4r (2.5.8)
    nokogiri (1.10.10)
      mini_portile2 (~> 2.4.0)
    orm_adapter (0.5.0)
    pagy (3.14.0)
    pry (0.14.2)
      coderay (~> 1.1)
      method_source (~> 1.0)
    rack (2.2.5)
    rack-cache (1.12.1)
      rack (>= 0.4)
    rack-contrib (2.3.0)
      rack (~> 2.0)
    rack-cors (1.1.1)
      rack (>= 2.0.0)
    rack-mini-profiler (3.0.0)
      rack (>= 1.2.0)
    rack-protection (2.1.0)
      rack
    rack-test (1.1.0)
      rack (>= 1.0, < 3)
    rails (5.2.8.1)
      actioncable (= 5.2.8.1)
      actionmailer (= 5.2.8.1)
      actionpack (= 5.2.8.1)
      actionview (= 5.2.8.1)
      activejob (= 5.2.8.1)
      activemodel (= 5.2.8.1)
      activerecord (= 5.2.8.1)
      activestorage (= 5.2.8.1)
      activesupport (= 5.2.8.1)
      bundler (>= 1.3.0)
      railties (= 5.2.8.1)
      sprockets-rails (>= 2.0.0)
    rails-dom-testing (2.0.3)
      activesupport (>= 4.2.0)
      nokogiri (>= 1.6)
    rails-html-sanitizer (1.3.0)
      loofah (~> 2.3)
    rails_sortable (1.4.1)
    railties (5.2.8.1)
      actionpack (= 5.2.8.1)
      activesupport (= 5.2.8.1)
      method_source
      rake (>= 0.8.7)
      thor (>= 0.19.0, < 2.0)
    rake (13.0.6)
    rb-fsevent (0.11.2)
    rb-inotify (0.10.1)
      ffi (~> 1.0)
    redis (4.1.4)
    redis-actionpack (5.2.0)
      actionpack (>= 5, < 7)
      redis-rack (>= 2.1.0, < 3)
      redis-store (>= 1.1.0, < 2)
    redis-activesupport (5.2.1)
      activesupport (>= 3, < 7)
      redis-store (>= 1.3, < 2)
    redis-namespace (1.8.2)
      redis (>= 3.0.4)
    redis-rack (2.1.4)
      rack (>= 2.0.8, < 3)
      redis-store (>= 1.2, < 2)
    redis-rack-cache (2.2.1)
      rack-cache (>= 1.10, < 2)
      redis-store (>= 1.6, < 2)
    redis-rails (5.0.2)
      redis-actionpack (>= 5.0, < 6)
      redis-activesupport (>= 5.0, < 6)
      redis-store (>= 1.2, < 2)
    redis-store (1.9.1)
      redis (>= 4, < 5)
    ref (2.0.0)
    responders (3.0.1)
      actionpack (>= 5.0)
      railties (>= 5.0)
    ruby-growl (4.1)
      uuid (~> 2.3, >= 2.3.5)
    ruby-ole (1.2.12.2)
    ruby_dep (1.5.0)
    rubyzip (1.0.0)
    safely_block (0.3.0)
      errbase (>= 0.1.1)
    sass-rails (6.0.0)
      sassc-rails (~> 2.1, >= 2.1.1)
    sassc (2.4.0)
      ffi (~> 1.9)
    sassc-rails (2.1.2)
      railties (>= 4.0.0)
      sassc (>= 2.0)
      sprockets (> 3.0)
      sprockets-rails
      tilt
    sidekiq (5.2.9)
      connection_pool (~> 2.2, >= 2.2.2)
      rack (~> 2.0)
      rack-protection (>= 1.5.0)
      redis (>= 3.3.5, < 4.2)
    spreadsheet (1.2.9)
      ruby-ole
    spring (2.1.1)
    spring-watcher-listen (2.0.1)
      listen (>= 2.7, < 4.0)
      spring (>= 1.2, < 3.0)
    sprockets (3.7.2)
      concurrent-ruby (~> 1.0)
      rack (> 1, < 3)
    sprockets-rails (3.2.2)
      actionpack (>= 4.0)
      activesupport (>= 4.0)
      sprockets (>= 3.0.0)
    sshkit (1.21.3)
      net-scp (>= 1.1.2)
      net-ssh (>= 2.8.0)
    sucker_punch (3.0.1)
      concurrent-ruby (~> 1.0)
    systemu (2.6.5)
    temple (0.8.2)
    therubyracer (0.12.3)
      libv8 (~> 3.16.14.15)
      ref
    thor (1.1.0)
    thread_safe (0.3.6)
    tilt (2.0.11)
    twitter-bootstrap-rails (4.0.0)
      actionpack (~> 5.0, >= 5.0.1)
      execjs (~> 2.7)
      less-rails (~> 2.8, >= 2.8.0)
      railties (~> 5.0, >= 5.0.1)
    tzinfo (1.2.10)
      thread_safe (~> 0.1)
    uglifier (4.2.0)
      execjs (>= 0.3.0, < 3)
    uuid (2.3.9)
      macaddr (~> 1.0)
    warden (1.2.9)
      rack (>= 2.0.9)
    web-console (3.7.0)
      actionview (>= 5.0)
      activemodel (>= 5.0)
      bindex (>= 0.4.0)
      railties (>= 5.0)
    websocket-driver (0.7.5)
      websocket-extensions (>= 0.1.0)
    websocket-extensions (0.1.5)
    whenever (1.0.0)
      chronic (>= 0.6.3)
    wice_grid (4.1.0)
      coffee-rails (> 3.2)
      kaminari (~> 1.1.0)
      rails (~> 5.0, < 5.3)
    wicked_pdf (1.4.0)
      activesupport
    wkhtmltopdf-binary-edge (0.12.5.1)

PLATFORMS
  x86_64-linux

DEPENDENCIES
  active_record_query_trace
  bcrypt_pbkdf
  byebug
  capistrano (~> 3.11.0)
  capistrano-bundler
  capistrano-faster-assets (~> 1.0)
  capistrano-passenger
  capistrano-rails (~> 1.4)
  capistrano-rvm
  ed25519
  listen (>= 3.0.5, < 3.2)
  lotvue_core!
  meta_request
  rack-mini-profiler
  spring
  spring-watcher-listen (~> 2.0.0)
  web-console (>= 3.3.0)

BUNDLED WITH
   2.2.30
